{
  "TaskName": "MachineLearningEEG",
  "TaskDescription": "Classification of independent 3 s iEEG graphoelement clips.",
  "InstitutionName": "St. Anne's University Hospital, Brno, Czech Republic",
  "InstitutionAddress": "Brno, Czech Republic",
  "Manufacturer": "M&I",
  "ManufacturersModelName": "BrainScope",
  "SamplingFrequency": 5000,
  "PowerLineFrequency": 50,
  "SoftwareFilters": "n/a",
  "HardwareFilters": {
    "LowpassFilter": {
      "CutoffFrequencyHz": 2000
    }
  },
  "RecordingDuration": 279.0,
  "RecordingType": "epoched",
  "iEEGReference": "Common reference montage.",
  "iEEGGround": "n/a",
  "iEEGPlacementScheme": "n/a",
  "ElectrodeManufacturer": "ALCIS - Temis Health, France",
  "ElectricalStimulation": false,
  "ECOGChannelCount": 0,
  "SEEGChannelCount": 1,
  "EEGChannelCount": 0,
  "EOGChannelCount": 0,
  "ECGChannelCount": 0,
  "EMGChannelCount": 0,
  "MiscChannelCount": 0,
  "TriggerChannelCount": 0
}