{
  "TaskName": "MachineLearningEEG",
  "InstitutionName": "St. Anne's University Hospital, Brno, Czech Republic (FNUSA)",
  "InstitutionAddress": "St. Anne's University Hospital, Brno, Czech Republic",
  "Manufacturer": "M&I, BrainScope",
  "ManufacturersModelName": "BrainScope",
  "TaskDescription": "Resting interictal iEEG used to build a labelled graphoelement dataset (physiology / pathology / artifact / powerline). 30 min awake resting interictal recording.",
  "Instructions": "",
  "iEEGReference": "Referential montage; per-channel reference not individually specified (see channels.tsv).",
  "SamplingFrequency": 5000,
  "PowerLineFrequency": 50,
  "SoftwareFilters": "n/a",
  "DCOffsetCorrection": "n/a",
  "HardwareFilters": {
    "LowPassFilter": {
      "CutoffFrequencyHz": 2000
    }
  },
  "ElectrodeManufacturer": "ALCIS",
  "ECOGChannelCount": 0,
  "SEEGChannelCount": 6,
  "EEGChannelCount": 0,
  "EOGChannelCount": 0,
  "ECGChannelCount": 0,
  "EMGChannelCount": 0,
  "MiscChannelCount": 0,
  "TriggerChannelCount": 0,
  "RecordingDuration": 0,
  "RecordingType": "continuous",
  "iEEGGround": "n/a",
  "iEEGPlacementScheme": "n/a",
  "ElectricalStimulation": false
}